GIT
  remote: https://github.com/CocoaPods/CocoaPods.git
  revision: 64bdde9f5a8bb375a28d5a2b79cd668f982532bd
  branch: master
  specs:
    cocoapods (0.39.0)
      activesupport (>= 4.0.2)
      claide (~> 0.9.1)
      cocoapods-core (= 0.39.0)
      cocoapods-downloader (~> 0.9.3)
      cocoapods-plugins (~> 0.4.2)
      cocoapods-search (~> 0.1.0)
      cocoapods-stats (~> 0.6.2)
      cocoapods-trunk (~> 0.6.4)
      cocoapods-try (~> 0.5.1)
      colored (~> 1.2)
      escape (~> 0.0.4)
      molinillo (~> 0.4.0)
      nap (~> 1.0)
      xcodeproj (~> 0.28.2)

GIT
  remote: https://github.com/CocoaPods/Core.git
  revision: ce26e1eb797a6ad1f1d94b0304a50c491bc41237
  branch: master
  specs:
    cocoapods-core (0.39.0)
      activesupport (>= 4.0.2)
      fuzzy_match (~> 2.0.4)
      nap (~> 1.0)

PATH
  remote: .
  specs:
    cocoapods-search (0.1.0)

GEM
  remote: https://rubygems.org/
  specs:
    activesupport (4.2.4)
      i18n (~> 0.7)
      json (~> 1.7, >= 1.7.7)
      minitest (~> 5.1)
      thread_safe (~> 0.3, >= 0.3.4)
      tzinfo (~> 1.1)
    bacon (1.2.0)
    claide (0.9.1)
    cocoapods-downloader (0.9.3)
    cocoapods-plugins (0.4.2)
      nap
    cocoapods-stats (0.6.2)
    cocoapods-trunk (0.6.4)
      nap (>= 0.8, < 2.0)
      netrc (= 0.7.8)
    cocoapods-try (0.5.1)
    colored (1.2)
    escape (0.0.4)
    fuzzy_match (2.0.4)
    i18n (0.7.0)
    json (1.8.3)
    metaclass (0.0.4)
    minitest (5.7.0)
    mocha (1.1.0)
      metaclass (~> 0.0.1)
    mocha-on-bacon (0.2.2)
      mocha (>= 0.13.0)
    molinillo (0.4.0)
    nap (1.0.0)
    netrc (0.7.8)
    prettybacon (0.0.2)
      bacon (~> 1.2)
    rake (10.4.2)
    thread_safe (0.3.5)
    tzinfo (1.2.2)
      thread_safe (~> 0.1)
    xcodeproj (0.28.2)
      activesupport (>= 3)
      claide (~> 0.9.1)
      colored (~> 1.2)

PLATFORMS
  ruby

DEPENDENCIES
  bacon
  bundler (~> 1.3)
  cocoapods!
  cocoapods-core!
  cocoapods-search!
  mocha-on-bacon
  prettybacon
  rake

BUNDLED WITH
   1.10.6
